GEM
  remote: https://rubygems.org/
  specs:
    base58 (0.2.3)
    ecdsa (1.2.0)
    faraday (0.15.4)
      multipart-post (>= 1.2, < 3)
    multipart-post (2.0.0)
    redis (4.1.0)

PLATFORMS
  ruby

DEPENDENCIES
  base58
  ecdsa
  faraday
  redis

BUNDLED WITH
   1.16.2
